GEM
  remote: https://rubygems.org/
  specs:
    byebug (9.0.6)
    diff-lcs (1.3)
    rspec (3.8.0)
      rspec-core (~> 3.8.0)
      rspec-expectations (~> 3.8.0)
      rspec-mocks (~> 3.8.0)
    rspec-core (3.8.0)
      rspec-support (~> 3.8.0)
    rspec-expectations (3.8.1)
      diff-lcs (>= 1.2.0, < 2.0)
      rspec-support (~> 3.8.0)
    rspec-mocks (3.8.0)
      diff-lcs (>= 1.2.0, < 2.0)
      rspec-support (~> 3.8.0)
    rspec-sleeping_king_studios (2.3.0)
      rspec (~> 3.3)
      sleeping_king_studios-tools (~> 0.7)
    rspec-support (3.8.0)
    sleeping_king_studios-tools (0.7.1)

PLATFORMS
  ruby

DEPENDENCIES
  byebug (~> 9.0.5, ~> 9.0)
  rspec (~> 3.8)
  rspec-sleeping_king_studios (~> 2.3.0)

BUNDLED WITH
   1.16.2
