GIT
  remote: https://github.com/sleepingkingstudios/bronze
  revision: fd107f63656fed0f4cbcc1f24ca5ec39c9b1faaa
  specs:
    bronze (0.0.1.alpha)
      cuprum
      sleeping_king_studios-tools (>= 0.7.1)
      sysrandom (~> 1.0.0, >= 1.0.2)
    patina (0.0.1.alpha)
      bronze (~> 0.0)

GIT
  remote: https://github.com/sleepingkingstudios/sleeping_king_studios-tasks
  revision: 550f9c37dfc1645f56e53b370cdbf043a571c4df
  specs:
    sleeping_king_studios-tasks (0.1.0)
      erubi (~> 1.6)
      rake (~> 12.0)
      sleeping_king_studios-tools (~> 0.7, >= 0.7.1)
      thor (~> 0.19, >= 0.19.4)

GEM
  remote: https://rubygems.org/
  specs:
    ast (2.4.0)
    byebug (9.0.6)
    cuprum (0.7.0)
    diff-lcs (1.3)
    docile (1.3.1)
    erubi (1.7.1)
    jaro_winkler (1.5.1)
    json (2.1.0)
    parallel (1.12.1)
    parser (2.5.1.2)
      ast (~> 2.4.0)
    powerpack (0.1.2)
    rainbow (3.0.0)
    rake (12.3.1)
    rspec (3.8.0)
      rspec-core (~> 3.8.0)
      rspec-expectations (~> 3.8.0)
      rspec-mocks (~> 3.8.0)
    rspec-core (3.8.0)
      rspec-support (~> 3.8.0)
    rspec-expectations (3.8.1)
      diff-lcs (>= 1.2.0, < 2.0)
      rspec-support (~> 3.8.0)
    rspec-mocks (3.8.0)
      diff-lcs (>= 1.2.0, < 2.0)
      rspec-support (~> 3.8.0)
    rspec-sleeping_king_studios (2.3.0)
      rspec (~> 3.3)
      sleeping_king_studios-tools (~> 0.7)
    rspec-support (3.8.0)
    rubocop (0.58.2)
      jaro_winkler (~> 1.5.1)
      parallel (~> 1.10)
      parser (>= 2.5, != 2.5.1.1)
      powerpack (~> 0.1)
      rainbow (>= 2.2.2, < 4.0)
      ruby-progressbar (~> 1.7)
      unicode-display_width (~> 1.0, >= 1.0.1)
    rubocop-rspec (1.21.0)
      rubocop (>= 0.52.0)
    ruby-progressbar (1.10.0)
    simplecov (0.16.1)
      docile (~> 1.1)
      json (>= 1.8, < 3)
      simplecov-html (~> 0.10.0)
    simplecov-html (0.10.2)
    sleeping_king_studios-tools (0.7.1)
    sysrandom (1.0.5)
    thor (0.20.0)
    unicode-display_width (1.4.0)

PLATFORMS
  ruby

DEPENDENCIES
  bronze!
  byebug (~> 9.0.5, ~> 9.0)
  patina!
  rspec (~> 3.8)
  rspec-sleeping_king_studios (~> 2.3.0)
  rubocop (~> 0.58.0, >= 0.58.2)
  rubocop-rspec (~> 1.21.0)
  simplecov (~> 0.16, >= 0.16.1)
  sleeping_king_studios-tasks!
  thor (~> 0.20)

BUNDLED WITH
   1.16.2
