GEM
  remote: https://rubygems.org/
  specs:
    ast (2.4.0)
    byebug (9.0.6)
    diff-lcs (1.3)
    jaro_winkler (1.5.1)
    parallel (1.12.1)
    parser (2.5.1.2)
      ast (~> 2.4.0)
    powerpack (0.1.2)
    rainbow (3.0.0)
    rspec (3.8.0)
      rspec-core (~> 3.8.0)
      rspec-expectations (~> 3.8.0)
      rspec-mocks (~> 3.8.0)
    rspec-core (3.8.0)
      rspec-support (~> 3.8.0)
    rspec-expectations (3.8.1)
      diff-lcs (>= 1.2.0, < 2.0)
      rspec-support (~> 3.8.0)
    rspec-mocks (3.8.0)
      diff-lcs (>= 1.2.0, < 2.0)
      rspec-support (~> 3.8.0)
    rspec-sleeping_king_studios (2.3.0)
      rspec (~> 3.3)
      sleeping_king_studios-tools (~> 0.7)
    rspec-support (3.8.0)
    rubocop (0.58.2)
      jaro_winkler (~> 1.5.1)
      parallel (~> 1.10)
      parser (>= 2.5, != 2.5.1.1)
      powerpack (~> 0.1)
      rainbow (>= 2.2.2, < 4.0)
      ruby-progressbar (~> 1.7)
      unicode-display_width (~> 1.0, >= 1.0.1)
    rubocop-rspec (1.21.0)
      rubocop (>= 0.52.0)
    ruby-progressbar (1.10.0)
    sleeping_king_studios-tools (0.7.1)
    unicode-display_width (1.4.0)

PLATFORMS
  ruby

DEPENDENCIES
  byebug (~> 9.0.5, ~> 9.0)
  rspec (~> 3.8)
  rspec-sleeping_king_studios (~> 2.3.0)
  rubocop (~> 0.58.0, >= 0.58.2)
  rubocop-rspec (~> 1.21.0)

BUNDLED WITH
   1.16.2
